NUGET
  remote: http://www.nuget.org/api/v2
    Aether (8.0.2)
    FParsec (1.0.2)

GROUP Build
NUGET
  remote: http://www.nuget.org/api/v2
    FAKE (4.14.2)
GITHUB
  remote: xyncro/build
    build.fsx (1ef06d448999e0c0a04b8a35948a5afccfdbfbec)
GROUP Test
FRAMEWORK: >= NET45
NUGET
  remote: http://www.nuget.org/api/v2
    FsCheck (2.2.4)
      FSharp.Core (>= 3.1.2.5)
    FsCheck.Xunit (2.2.4)
      FsCheck (>= 2.2.4)
      xunit.extensibility.execution (>= 2.1 < 2.2)
    FSharp.Core (4.0.0.1)
    NBench (0.3)
    NBench.Runner (0.3)
    Unquote (3.1)
    xunit (2.1)
      xunit.assert (2.1)
      xunit.core (2.1)
    xunit.abstractions (2.0)
    xunit.assert (2.1)
    xunit.core (2.1)
      xunit.extensibility.core (2.1)
      xunit.extensibility.execution (2.1)
    xunit.extensibility.core (2.1)
      xunit.abstractions (2.0)
    xunit.extensibility.execution (2.1)
      xunit.extensibility.core (2.1)
    xunit.runner.console (2.1)
