NUGET
  remote: http://nuget.org/api/v2
  specs:
    Aether (8.0.0-b4)
    FParsec (1.0.2)

GROUP Build
NUGET
  remote: http://nuget.org/api/v2
  specs:
    FAKE (4.8.0)

GROUP Test
FRAMEWORK: >= NET45
NUGET
  remote: http://nuget.org/api/v2
  specs:
    FsCheck (2.2.1)
      FSharp.Core (>= 3.1.2.5)
    FSharp.Core (3.1.2.5) - redirects: on
    NUnit (2.6.4)
    NUnit.Runners (2.6.4)
    Unquote (3.1.0)
