NUGET
  remote: http://nuget.org/api/v2
  specs:
    Aether (8.0.0-rc2)
    FParsec (1.0.2)

GROUP Build
NUGET
  remote: http://nuget.org/api/v2
  specs:
    FAKE (4.8.0)

GROUP Test
FRAMEWORK: >= NET45
NUGET
  remote: http://nuget.org/api/v2
  specs:
    FsCheck (2.2.1)
      FSharp.Core (>= 3.1.2.5)
    FsCheck.Xunit (2.2.1)
      FsCheck (>= 2.2.1)
      xunit.extensibility.execution (>= 2.1.0 < 2.2.0)
    FSharp.Core (3.1.2.5) - redirects: on
    Unquote (3.1.0)
    xunit (2.1.0)
      xunit.assert (2.1.0)
      xunit.core (2.1.0)
    xunit.abstractions (2.0.0)
    xunit.assert (2.1.0)
    xunit.core (2.1.0)
      xunit.extensibility.core (2.1.0)
      xunit.extensibility.execution (2.1.0)
    xunit.extensibility.core (2.1.0)
      xunit.abstractions (2.0.0)
    xunit.extensibility.execution (2.1.0)
      xunit.extensibility.core (2.1.0)
    xunit.runner.console (2.1.0)
