NUGET
  remote: http://www.nuget.org/api/v2
    Aether (8.1.2)
    FParsec (1.0.2)

GROUP Build
NUGET
  remote: http://www.nuget.org/api/v2
    FAKE (4.40)
GITHUB
  remote: xyncro/build
    build.fsx (11ad497d50e7b5071bea53cde53b3cfe4b113793)
GROUP Test
FRAMEWORK: >= NET45
NUGET
  remote: http://www.nuget.org/api/v2
    FsCheck (2.6)
      FSharp.Core (>= 3.1.2.5)
    FsCheck.Xunit (2.6)
      FsCheck (>= 2.6)
      xunit.extensibility.execution (>= 2.1 < 3.0)
    FSharp.Core (4.0.0.1)
    Unquote (3.1.2)
    xunit (2.1)
      xunit.assert (2.1)
      xunit.core (2.1)
    xunit.abstractions (2.0)
    xunit.assert (2.1)
    xunit.core (2.1)
      xunit.extensibility.core (2.1)
      xunit.extensibility.execution (2.1)
    xunit.extensibility.core (2.1)
      xunit.abstractions (2.0)
    xunit.extensibility.execution (2.1)
      xunit.extensibility.core (2.1)
    xunit.runner.console (2.1)
