NUGET
  remote: http://nuget.org/api/v2
  specs:
    Aether (7.0)
    FAKE (4.4.6)
    FParsec (1.0.2)
    FsCheck (2.0.4)
      FSharp.Core (>= 3.1.2.1)
    FSharp.Core (3.1.2.1)
    NuGet.CommandLine (2.8.6)
    NUnit (2.6.4)
    NUnit.Runners (2.6.4)
    Unquote (3.0.0)
